GIT
  remote: git://github.com/chendo/cora.git
  revision: 1edcfb9073d5eabe244b38cc5f0c41354489abaf
  specs:
    cora (0.0.4)
      geocoder

PATH
  remote: .
  specs:
    siriproxy (0.3.1)
      CFPropertyList
      eventmachine
      uuidtools

PATH
  remote: ./plugins/siriproxy-siribrazil
  specs:
    siriproxy-siribrazil (0.0.2)

GEM
  remote: http://rubygems.org/
  specs:
    CFPropertyList (2.0.17)
      libxml-ruby (>= 1.1.0)
      rake (>= 0.7.0)
    activemodel (3.1.3)
      activesupport (= 3.1.3)
      builder (~> 3.0.0)
      i18n (~> 0.6)
    activerecord (3.1.3)
      activemodel (= 3.1.3)
      activesupport (= 3.1.3)
      arel (~> 2.2.1)
      tzinfo (~> 0.3.29)
    activesupport (3.1.3)
      multi_json (~> 1.0)
    arel (2.2.1)
    builder (3.0.0)
    clickatell (0.8.2)
    eventmachine (0.12.10)
    geocoder (1.1.0)
    i18n (0.6.0)
    le (1.6)
    libxml-ruby (2.2.2)
    multi_json (1.0.4)
    pg (0.12.2)
    rake (0.9.2.2)
    require_all (1.2.1)
    tzinfo (0.3.31)
    uuidtools (2.1.2)

PLATFORMS
  ruby

DEPENDENCIES
  activerecord (= 3.1.3)
  clickatell
  cora!
  le (= 1.6)
  pg
  rake
  require_all
  siriproxy!
  siriproxy-siribrazil!
