GIT
  remote: git://github.com/chendo/cora.git
  revision: 1edcfb9073d5eabe244b38cc5f0c41354489abaf
  specs:
    cora (0.0.4)
      geocoder

PATH
  remote: .
  specs:
    siriproxy (0.3.0)
      CFPropertyList
      eventmachine
      uuidtools

PATH
  remote: ./plugins/siriproxy-example
  specs:
    siriproxy-example (0.0.1)

GEM
  remote: http://rubygems.org/
  specs:
    CFPropertyList (2.0.17)
      libxml-ruby (>= 1.1.0)
      rake (>= 0.7.0)
    eventmachine (0.12.10)
    geocoder (1.1.0)
    libxml-ruby (2.2.2)
    rake (0.9.2.2)
    uuidtools (2.1.2)

PLATFORMS
  ruby

DEPENDENCIES
  cora!
  rake
  siriproxy!
  siriproxy-example!
